GEM
  remote: https://rubygems.org/
  specs:
    mime-types (2.4.3)
    netrc (0.10.0)
    rack (1.5.2)
    rack-protection (1.5.3)
      rack
    rest-client (1.7.2)
      mime-types (>= 1.16, < 3.0)
      netrc (~> 0.7)
    shotgun (0.9)
      rack (>= 1.0)
    sinatra (1.4.5)
      rack (~> 1.4)
      rack-protection (~> 1.4)
      tilt (~> 1.3, >= 1.3.4)
    sinatra-flash (0.3.0)
      sinatra (>= 1.0.0)
    sinatra-redirect-with-flash (0.2.1)
      sinatra (>= 1.0.0)
    slim (3.0.0)
      temple (~> 0.7.3)
      tilt (>= 1.3.3, < 2.1)
    temple (0.7.3)
    tilt (1.4.1)

PLATFORMS
  ruby

DEPENDENCIES
  rest-client
  shotgun
  sinatra
  sinatra-flash
  sinatra-redirect-with-flash
  slim
